GEM
  remote: http://rubygems.org/
  specs:
    actioncable (7.0.8.7)
      actionpack (= 7.0.8.7)
      activesupport (= 7.0.8.7)
      nio4r (~> 2.0)
      websocket-driver (>= 0.6.1)
    actionmailbox (7.0.8.7)
      actionpack (= 7.0.8.7)
      activejob (= 7.0.8.7)
      activerecord (= 7.0.8.7)
      activestorage (= 7.0.8.7)
      activesupport (= 7.0.8.7)
      mail (>= 2.7.1)
      net-imap
      net-pop
      net-smtp
    actionmailer (7.0.8.7)
      actionpack (= 7.0.8.7)
      actionview (= 7.0.8.7)
      activejob (= 7.0.8.7)
      activesupport (= 7.0.8.7)
      mail (~> 2.5, >= 2.5.4)
      net-imap
      net-pop
      net-smtp
      rails-dom-testing (~> 2.0)
    actionpack (7.0.8.7)
      actionview (= 7.0.8.7)
      activesupport (= 7.0.8.7)
      rack (~> 2.0, >= 2.2.4)
      rack-test (>= 0.6.3)
      rails-dom-testing (~> 2.0)
      rails-html-sanitizer (~> 1.0, >= 1.2.0)
    actiontext (7.0.8.7)
      actionpack (= 7.0.8.7)
      activerecord (= 7.0.8.7)
      activestorage (= 7.0.8.7)
      activesupport (= 7.0.8.7)
      globalid (>= 0.6.0)
      nokogiri (>= 1.8.5)
    actionview (7.0.8.7)
      activesupport (= 7.0.8.7)
      builder (~> 3.1)
      erubi (~> 1.4)
      rails-dom-testing (~> 2.0)
      rails-html-sanitizer (~> 1.1, >= 1.2.0)
    activejob (7.0.8.7)
      activesupport (= 7.0.8.7)
      globalid (>= 0.3.6)
    activemodel (7.0.8.7)
      activesupport (= 7.0.8.7)
    activerecord (7.0.8.7)
      activemodel (= 7.0.8.7)
      activesupport (= 7.0.8.7)
    activestorage (7.0.8.7)
      actionpack (= 7.0.8.7)
      activejob (= 7.0.8.7)
      activerecord (= 7.0.8.7)
      activesupport (= 7.0.8.7)
      marcel (~> 1.0)
      mini_mime (>= 1.1.0)
    activesupport (7.0.8.7)
      concurrent-ruby (~> 1.0, >= 1.0.2)
      i18n (>= 1.6, < 2)
      minitest (>= 5.1)
      tzinfo (~> 2.0)
    addressable (2.8.7)
      public_suffix (>= 2.0.2, < 7.0)
    base64 (0.2.0)
    bcrypt (3.1.20)
    bcrypt-ruby (3.1.5)
      bcrypt (>= 3.1.3)
    bindex (0.8.1)
    builder (3.3.0)
    cancancan (3.6.1)
    carrierwave (3.1.1)
      activemodel (>= 6.0.0)
      activesupport (>= 6.0.0)
      addressable (~> 2.6)
      image_processing (~> 1.1)
      marcel (~> 1.0.0)
      ssrf_filter (~> 1.0)
    coffee-rails (4.2.2)
      coffee-script (>= 2.2.0)
      railties (>= 4.0.0)
    coffee-script (2.4.1)
      coffee-script-source
      execjs
    coffee-script-source (1.12.2)
    commonjs (0.2.7)
    concurrent-ruby (1.3.4)
    crass (1.0.6)
    database_cleaner (2.1.0)
      database_cleaner-active_record (>= 2, < 3)
    database_cleaner-active_record (2.2.0)
      activerecord (>= 5.a)
      database_cleaner-core (~> 2.0.0)
    database_cleaner-core (2.0.1)
    date (3.4.1)
    erubi (1.13.1)
    execjs (2.10.0)
    factory_bot (6.5.0)
      activesupport (>= 5.0.0)
    factory_bot_rails (6.4.4)
      factory_bot (~> 6.5)
      railties (>= 5.0.0)
    ffi (1.17.1-x86_64-linux-gnu)
    globalid (1.2.1)
      activesupport (>= 6.1)
    i18n (1.14.6)
      concurrent-ruby (~> 1.0)
    image_processing (1.13.0)
      mini_magick (>= 4.9.5, < 5)
      ruby-vips (>= 2.0.17, < 3)
    jbuilder (2.13.0)
      actionview (>= 5.0.0)
      activesupport (>= 5.0.0)
    jquery-fileupload-rails (1.0.0)
      actionpack (>= 3.1)
      railties (>= 3.1)
      sassc
    jquery-rails (4.3.1)
      rails-dom-testing (>= 1, < 3)
      railties (>= 4.2.0)
      thor (>= 0.14, < 2.0)
    jquery-ui-rails (6.0.1)
      railties (>= 3.2.16)
    kaminari (1.2.2)
      activesupport (>= 4.1.0)
      kaminari-actionview (= 1.2.2)
      kaminari-activerecord (= 1.2.2)
      kaminari-core (= 1.2.2)
    kaminari-actionview (1.2.2)
      actionview
      kaminari-core (= 1.2.2)
    kaminari-activerecord (1.2.2)
      activerecord
      kaminari-core (= 1.2.2)
    kaminari-core (1.2.2)
    less (2.6.0)
      commonjs (~> 0.2.7)
    less-rails (4.0.0)
      actionpack (>= 4)
      less (~> 2.6.0)
      sprockets (>= 2)
    libv8 (3.16.14.19.1-x86_64-linux)
    listen (3.9.0)
      rb-fsevent (~> 0.10, >= 0.10.3)
      rb-inotify (~> 0.9, >= 0.9.10)
    logger (1.6.5)
    loofah (2.24.0)
      crass (~> 1.0.2)
      nokogiri (>= 1.12.0)
    mail (2.8.1)
      mini_mime (>= 0.1.1)
      net-imap
      net-pop
      net-smtp
    marcel (1.0.4)
    method_source (1.1.0)
    mini_magick (4.13.2)
    mini_mime (1.1.5)
    minitest (5.25.4)
    mysql2 (0.5.6)
    net-imap (0.5.5)
      date
      net-protocol
    net-pop (0.1.2)
      net-protocol
    net-protocol (0.2.2)
      timeout
    net-smtp (0.5.0)
      net-protocol
    nio4r (2.7.4)
    nokogiri (1.18.1-x86_64-linux-gnu)
      racc (~> 1.4)
    public_suffix (6.0.1)
    puma (6.5.0)
      nio4r (~> 2.0)
    racc (1.8.1)
    rack (2.2.10)
    rack-test (2.2.0)
      rack (>= 1.3)
    rails (7.0.8.7)
      actioncable (= 7.0.8.7)
      actionmailbox (= 7.0.8.7)
      actionmailer (= 7.0.8.7)
      actionpack (= 7.0.8.7)
      actiontext (= 7.0.8.7)
      actionview (= 7.0.8.7)
      activejob (= 7.0.8.7)
      activemodel (= 7.0.8.7)
      activerecord (= 7.0.8.7)
      activestorage (= 7.0.8.7)
      activesupport (= 7.0.8.7)
      bundler (>= 1.15.0)
      railties (= 7.0.8.7)
    rails-controller-testing (1.0.5)
      actionpack (>= 5.0.1.rc1)
      actionview (>= 5.0.1.rc1)
      activesupport (>= 5.0.1.rc1)
    rails-dom-testing (2.2.0)
      activesupport (>= 5.0.0)
      minitest
      nokogiri (>= 1.6)
    rails-html-sanitizer (1.6.2)
      loofah (~> 2.21)
      nokogiri (>= 1.15.7, != 1.16.7, != 1.16.6, != 1.16.5, != 1.16.4, != 1.16.3, != 1.16.2, != 1.16.1, != 1.16.0.rc1, != 1.16.0)
    railties (7.0.8.7)
      actionpack (= 7.0.8.7)
      activesupport (= 7.0.8.7)
      method_source
      rake (>= 12.2)
      thor (~> 1.0)
      zeitwerk (~> 2.5)
    rake (13.2.1)
    rb-fsevent (0.11.2)
    rb-inotify (0.11.1)
      ffi (~> 1.0)
    ref (2.0.0)
    ruby-vips (2.2.2)
      ffi (~> 1.12)
      logger
    rubyzip (2.4.1)
    sass (3.7.4)
      sass-listen (~> 4.0.0)
    sass-listen (4.0.0)
      rb-fsevent (~> 0.9, >= 0.9.4)
      rb-inotify (~> 0.9, >= 0.9.7)
    sass-rails (5.0.8)
      railties (>= 5.2.0)
      sass (~> 3.1)
      sprockets (>= 2.8, < 4.0)
      sprockets-rails (>= 2.0, < 4.0)
      tilt (>= 1.1, < 3)
    sassc (2.4.0)
      ffi (~> 1.9)
    shoulda (5.0.0.rc1)
      shoulda-context (~> 2.0)
      shoulda-matchers (~> 5.0)
    shoulda-context (2.0.0)
    shoulda-matchers (5.3.0)
      activesupport (>= 5.2.0)
    simple_form (5.3.1)
      actionpack (>= 5.2)
      activemodel (>= 5.2)
    sprockets (3.7.5)
      base64
      concurrent-ruby (~> 1.0)
      rack (> 1, < 3)
    sprockets-rails (3.5.2)
      actionpack (>= 6.1)
      activesupport (>= 6.1)
      sprockets (>= 3.0.0)
    sqlite3 (1.7.3-x86_64-linux)
    ssrf_filter (1.2.0)
    therubyracer (0.12.3)
      libv8 (~> 3.16.14.15)
      ref
    thor (1.3.2)
    tilt (2.5.0)
    timeout (0.4.3)
    twitter-bootstrap-rails (2.2.8)
      actionpack (>= 3.1)
      execjs
      rails (>= 3.1)
      railties (>= 3.1)
    tzinfo (2.0.6)
      concurrent-ruby (~> 1.0)
    uglifier (4.2.1)
      execjs (>= 0.3.0, < 3)
    web-console (4.2.1)
      actionview (>= 6.0.0)
      activemodel (>= 6.0.0)
      bindex (>= 0.4.0)
      railties (>= 6.0.0)
    websocket-driver (0.7.7)
      base64
      websocket-extensions (>= 0.1.0)
    websocket-extensions (0.1.5)
    zeitwerk (2.6.18)

PLATFORMS
  x86_64-linux

DEPENDENCIES
  bcrypt-ruby (~> 3.1.2)
  cancancan
  carrierwave
  coffee-rails (~> 4.2)
  database_cleaner
  factory_bot_rails
  jbuilder (~> 2.5)
  jquery-fileupload-rails
  jquery-rails (= 4.3.1)
  jquery-ui-rails (= 6.0.1)
  kaminari
  less-rails (= 4.0.0)
  listen
  mini_magick
  minitest
  mysql2
  puma
  rails (~> 7.0.0)
  rails-controller-testing
  rubyzip
  sass-rails (= 5.0.8)
  shoulda
  shoulda-context
  shoulda-matchers
  simple_form
  sprockets (>= 3.7.2)
  sqlite3 (~> 1.4)
  therubyracer
  twitter-bootstrap-rails (= 2.2.8)
  uglifier (>= 1.3.0)
  web-console

RUBY VERSION
   ruby 3.1.4p223

BUNDLED WITH
   2.3.26
